GEM
  remote: https://rubygems.org/
  specs:
    pg (1.1.4)
    power_assert (1.1.3)
    rake (12.3.2)
    test-unit (3.2.9)
      power_assert

PLATFORMS
  ruby

DEPENDENCIES
  pg
  rake
  test-unit

BUNDLED WITH
   1.17.2
