GEM
  remote: https://rubygems.org/
  specs:
    minitest (5.11.3)
    pg (1.1.4)
    rake (12.3.3)

PLATFORMS
  ruby

DEPENDENCIES
  minitest
  pg
  rake

BUNDLED WITH
   1.17.2
